GEM
  remote: https://ruby.taobao.org/
  specs:
    coderay (1.1.0)
    i18n (0.7.0)
    method_source (0.8.2)
    minitest (5.5.1)
    money (6.5.1)
      i18n (>= 0.6.4, <= 0.7.0)
    pry (0.10.1)
      coderay (~> 1.1.0)
      method_source (~> 0.8.1)
      slop (~> 3.4)
    rainbow (2.0.0)
    ruby-progressbar (1.7.5)
    slop (3.6.0)
    thor (0.19.1)

PLATFORMS
  ruby

DEPENDENCIES
  minitest
  money
  pry
  rainbow
  ruby-progressbar
  thor
