GEM
  remote: http://ruby.taobao.org/
  specs:
    ruby-progressbar (1.7.5)

PLATFORMS
  ruby

DEPENDENCIES
  ruby-progressbar
